PATH
  remote: .
  specs:
    fuelsdk (0.0.7)
      json
      jwt (~> 0.1.6)
      savon (= 2.6.0)

GEM
  remote: https://rubygems.org/
  specs:
    akami (1.2.2)
      gyoku (>= 0.4.0)
      nokogiri
    builder (3.2.2)
    byebug (3.5.1)
      columnize (~> 0.8)
      debugger-linecache (~> 1.2)
      slop (~> 3.6)
    celluloid (0.16.0)
      timers (~> 4.0.0)
    coderay (1.1.0)
    columnize (0.9.0)
    debugger-linecache (1.2.0)
    diff-lcs (1.2.5)
    ffi (1.9.8)
    ffi (1.9.8-x86-mingw32)
    formatador (0.2.5)
    guard (2.12.5)
      formatador (>= 0.2.4)
      listen (~> 2.7)
      lumberjack (~> 1.0)
      nenv (~> 0.1)
      notiffany (~> 0.0)
      pry (>= 0.9.12)
      shellany (~> 0.0)
      thor (>= 0.18.1)
    guard-compat (1.2.1)
    guard-rspec (4.5.1)
      guard (~> 2.1)
      guard-compat (~> 1.1)
      rspec (>= 2.99.0, < 4.0)
    gyoku (1.1.1)
      builder (>= 2.1.2)
    hitimes (1.2.2)
    hitimes (1.2.2-x86-mingw32)
    httpi (2.2.7)
      rack
    json (1.8.2)
    jwt (0.1.13)
      multi_json (>= 1.5)
    listen (2.10.0)
      celluloid (~> 0.16.0)
      rb-fsevent (>= 0.9.3)
      rb-inotify (>= 0.9)
    lumberjack (1.0.9)
    macaddr (1.7.1)
      systemu (~> 2.6.2)
    method_source (0.8.2)
    mini_portile (0.6.2)
    multi_json (1.11.0)
    nenv (0.2.0)
    nokogiri (1.6.6.2)
      mini_portile (~> 0.6.0)
    nokogiri (1.6.6.2-x86-mingw32)
      mini_portile (~> 0.6.0)
    nori (2.4.0)
    notiffany (0.0.6)
      nenv (~> 0.1)
      shellany (~> 0.0)
    pry (0.10.1)
      coderay (~> 1.1.0)
      method_source (~> 0.8.1)
      slop (~> 3.4)
    pry (0.10.1-x86-mingw32)
      coderay (~> 1.1.0)
      method_source (~> 0.8.1)
      slop (~> 3.4)
      win32console (~> 1.3)
    rack (1.6.1)
    rake (10.4.2)
    rb-fsevent (0.9.5)
    rb-inotify (0.9.5)
      ffi (>= 0.5.0)
    rspec (3.2.0)
      rspec-core (~> 3.2.0)
      rspec-expectations (~> 3.2.0)
      rspec-mocks (~> 3.2.0)
    rspec-core (3.2.3)
      rspec-support (~> 3.2.0)
    rspec-expectations (3.2.1)
      diff-lcs (>= 1.2.0, < 2.0)
      rspec-support (~> 3.2.0)
    rspec-mocks (3.2.1)
      diff-lcs (>= 1.2.0, < 2.0)
      rspec-support (~> 3.2.0)
    rspec-support (3.2.2)
    savon (2.6.0)
      akami (~> 1.2.0)
      builder (>= 2.1.2)
      gyoku (~> 1.1.0)
      httpi (~> 2.2.3)
      nokogiri (>= 1.4.0)
      nori (~> 2.4.0)
      uuid (~> 2.3.7)
      wasabi (~> 3.3.0)
    shellany (0.0.1)
    slop (3.6.0)
    systemu (2.6.5)
    thor (0.19.1)
    timers (4.0.1)
      hitimes
    uuid (2.3.7)
      macaddr (~> 1.0)
    wasabi (3.3.1)
      httpi (~> 2.0)
      nokogiri (>= 1.4.0)
    win32console (1.3.2-x86-mingw32)

PLATFORMS
  ruby
  x86-mingw32

DEPENDENCIES
  bundler (~> 1.3)
  byebug
  fuelsdk!
  guard
  guard-rspec
  rake
  rspec
